STORAGE: NONE
RESTRICTION: || (== netcoreapp3.0) (== netstandard2.0)
NUGET
  remote: https://api.nuget.org/v3/index.json
    Aardvark.Base (5.0.0-prerelease0008)
      Aardvark.Base.Telemetry (5.0.0-prerelease0008)
      DevILSharp (>= 0.2.8 < 0.3)
      System.Collections.Immutable (>= 1.5 < 1.6)
    Aardvark.Base.FSharp (5.0.0-prerelease0008)
      Aardvark.Base (5.0.0-prerelease0008)
      Aardvark.Base.TypeProviders (>= 4.5.15 < 4.6)
      DevILSharp (>= 0.2.8 < 0.3)
      FSharp.Core (>= 4.6.2)
      FSharp.Data.Adaptive (>= 0.0.16 < 0.1)
      FsPickler (>= 5.2.2 < 5.3)
      System.Dynamic.Runtime (>= 4.3 < 4.4)
    Aardvark.Base.Telemetry (5.0.0-prerelease0008)
    Aardvark.Base.TypeProviders (4.5.15)
      FSharp.Core (>= 4.2.3)
    DevILSharp (0.2.8)
      FSharp.Core (>= 4.6.2)
    FSharp.Core (4.6.2)
    FSharp.Data.Adaptive (0.0.17)
      FSharp.Core (>= 4.6.2)
      System.Reflection.Emit.Lightweight (>= 4.6 < 4.7)
    FsPickler (5.2.2)
      FSharp.Core (>= 4.3.2)
      System.Reflection.Emit.Lightweight (>= 4.3)
    Microsoft.Bcl.AsyncInterfaces (1.1) - restriction: || (&& (== netcoreapp3.0) (>= monoandroid) (< netstandard2.0)) (&& (== netcoreapp3.0) (>= monotouch)) (&& (== netcoreapp3.0) (>= net461)) (&& (== netcoreapp3.0) (< netcoreapp2.0)) (&& (== netcoreapp3.0) (< netcoreapp2.1)) (&& (== netcoreapp3.0) (>= uap10.1)) (&& (== netcoreapp3.0) (>= xamarinios)) (&& (== netcoreapp3.0) (>= xamarinmac)) (&& (== netcoreapp3.0) (>= xamarintvos)) (&& (== netcoreapp3.0) (>= xamarinwatchos)) (== netstandard2.0)
      System.Threading.Tasks.Extensions (>= 4.5.2)
    Microsoft.CSharp (4.7)
    microsoft.dotnet.platformabstractions (3.1.2)
    Microsoft.Extensions.DependencyModel (3.1.2)
      System.Text.Json (>= 4.7.1)
    Microsoft.NETCore.Platforms (3.1)
    Microsoft.NETCore.Targets (3.1)
    Silk.NET.Core (1.0.0-preview5)
      Microsoft.CSharp (>= 4.7)
      System.Memory (>= 4.5.3)
      System.Numerics.Vectors (>= 4.5)
      System.Reflection.Emit (>= 4.7)
      System.Reflection.Emit.ILGeneration (>= 4.7)
      System.Runtime.CompilerServices.Unsafe (>= 4.7)
      Ultz.SuperInvoke (>= 1.0.3)
    Silk.NET.GLFW (1.0.0-preview5)
      Silk.NET.Core (>= 1.0.0-preview5)
      Ultz.Native.GLFW (>= 3.3.2)
    Silk.NET.OpenGL (1.0.0-preview5)
      Silk.NET.Core (>= 1.0.0-preview5)
    System.Buffers (4.5) - restriction: || (&& (== netcoreapp3.0) (>= monotouch)) (&& (== netcoreapp3.0) (>= net461)) (&& (== netcoreapp3.0) (< netcoreapp2.0)) (&& (== netcoreapp3.0) (< netstandard1.1)) (&& (== netcoreapp3.0) (< netstandard2.0)) (&& (== netcoreapp3.0) (>= xamarinios)) (&& (== netcoreapp3.0) (>= xamarinmac)) (&& (== netcoreapp3.0) (>= xamarintvos)) (&& (== netcoreapp3.0) (>= xamarinwatchos)) (== netstandard2.0)
    System.Collections (4.3)
      Microsoft.NETCore.Platforms (>= 1.1)
      Microsoft.NETCore.Targets (>= 1.1)
      System.Runtime (>= 4.3)
    System.Collections.Immutable (1.5)
    System.Diagnostics.Debug (4.3)
      Microsoft.NETCore.Platforms (>= 1.1)
      Microsoft.NETCore.Targets (>= 1.1)
      System.Runtime (>= 4.3)
    System.Dynamic.Runtime (4.3)
      System.Collections (>= 4.3)
      System.Diagnostics.Debug (>= 4.3)
      System.Linq (>= 4.3)
      System.Linq.Expressions (>= 4.3)
      System.ObjectModel (>= 4.3)
      System.Reflection (>= 4.3)
      System.Reflection.Emit (>= 4.3)
      System.Reflection.Emit.ILGeneration (>= 4.3)
      System.Reflection.Primitives (>= 4.3)
      System.Reflection.TypeExtensions (>= 4.3)
      System.Resources.ResourceManager (>= 4.3)
      System.Runtime (>= 4.3)
      System.Runtime.Extensions (>= 4.3)
      System.Threading (>= 4.3)
    System.Globalization (4.3)
      Microsoft.NETCore.Platforms (>= 1.1)
      Microsoft.NETCore.Targets (>= 1.1)
      System.Runtime (>= 4.3)
    System.IO (4.3)
      Microsoft.NETCore.Platforms (>= 1.1)
      Microsoft.NETCore.Targets (>= 1.1)
      System.Runtime (>= 4.3)
      System.Text.Encoding (>= 4.3)
      System.Threading.Tasks (>= 4.3)
    System.Linq (4.3)
      System.Collections (>= 4.3)
      System.Diagnostics.Debug (>= 4.3)
      System.Resources.ResourceManager (>= 4.3)
      System.Runtime (>= 4.3)
      System.Runtime.Extensions (>= 4.3)
    System.Linq.Expressions (4.3)
      System.Collections (>= 4.3)
      System.Diagnostics.Debug (>= 4.3)
      System.Globalization (>= 4.3)
      System.IO (>= 4.3)
      System.Linq (>= 4.3)
      System.ObjectModel (>= 4.3)
      System.Reflection (>= 4.3)
      System.Reflection.Emit (>= 4.3)
      System.Reflection.Emit.ILGeneration (>= 4.3)
      System.Reflection.Emit.Lightweight (>= 4.3)
      System.Reflection.Extensions (>= 4.3)
      System.Reflection.Primitives (>= 4.3)
      System.Reflection.TypeExtensions (>= 4.3)
      System.Resources.ResourceManager (>= 4.3)
      System.Runtime (>= 4.3)
      System.Runtime.Extensions (>= 4.3)
      System.Threading (>= 4.3)
    System.Memory (4.5.3)
      System.Buffers (>= 4.4) - restriction: || (&& (== netcoreapp3.0) (>= monotouch)) (&& (== netcoreapp3.0) (>= net461)) (&& (== netcoreapp3.0) (< netcoreapp2.0)) (&& (== netcoreapp3.0) (< netstandard1.1)) (&& (== netcoreapp3.0) (< netstandard2.0)) (&& (== netcoreapp3.0) (>= xamarinios)) (&& (== netcoreapp3.0) (>= xamarinmac)) (&& (== netcoreapp3.0) (>= xamarintvos)) (&& (== netcoreapp3.0) (>= xamarinwatchos)) (== netstandard2.0)
      System.Numerics.Vectors (>= 4.4) - restriction: || (&& (== netcoreapp3.0) (>= net461)) (&& (== netcoreapp3.0) (< netcoreapp2.0)) (== netstandard2.0)
      System.Runtime.CompilerServices.Unsafe (>= 4.5.2) - restriction: || (&& (== netcoreapp3.0) (>= monotouch)) (&& (== netcoreapp3.0) (>= net461)) (&& (== netcoreapp3.0) (< netcoreapp2.0)) (&& (== netcoreapp3.0) (< netcoreapp2.1)) (&& (== netcoreapp3.0) (< netstandard1.1)) (&& (== netcoreapp3.0) (< netstandard2.0)) (&& (== netcoreapp3.0) (>= uap10.1)) (&& (== netcoreapp3.0) (>= xamarinios)) (&& (== netcoreapp3.0) (>= xamarinmac)) (&& (== netcoreapp3.0) (>= xamarintvos)) (&& (== netcoreapp3.0) (>= xamarinwatchos)) (== netstandard2.0)
    System.Numerics.Vectors (4.5)
    System.ObjectModel (4.3)
      System.Collections (>= 4.3)
      System.Diagnostics.Debug (>= 4.3)
      System.Resources.ResourceManager (>= 4.3)
      System.Runtime (>= 4.3)
      System.Threading (>= 4.3)
    System.Reflection (4.3)
      Microsoft.NETCore.Platforms (>= 1.1)
      Microsoft.NETCore.Targets (>= 1.1)
      System.IO (>= 4.3)
      System.Reflection.Primitives (>= 4.3)
      System.Runtime (>= 4.3)
    System.Reflection.Emit (4.7)
      System.Reflection.Emit.ILGeneration (>= 4.7) - restriction: || (&& (== netcoreapp3.0) (< netcoreapp2.0) (< netstandard2.1)) (&& (== netcoreapp3.0) (< netstandard1.1)) (&& (== netcoreapp3.0) (< netstandard2.0)) (&& (== netcoreapp3.0) (>= uap10.1)) (== netstandard2.0)
    System.Reflection.Emit.ILGeneration (4.7)
    System.Reflection.Emit.Lightweight (4.6)
      System.Reflection.Emit.ILGeneration (>= 4.6) - restriction: || (&& (== netcoreapp3.0) (< netcoreapp2.0) (< netstandard2.1)) (&& (== netcoreapp3.0) (< netstandard2.0)) (&& (== netcoreapp3.0) (< portable-net45+wp8)) (&& (== netcoreapp3.0) (>= uap10.1)) (== netstandard2.0)
    System.Reflection.Extensions (4.3)
      Microsoft.NETCore.Platforms (>= 1.1)
      Microsoft.NETCore.Targets (>= 1.1)
      System.Reflection (>= 4.3)
      System.Runtime (>= 4.3)
    System.Reflection.Primitives (4.3)
      Microsoft.NETCore.Platforms (>= 1.1)
      Microsoft.NETCore.Targets (>= 1.1)
      System.Runtime (>= 4.3)
    System.Reflection.TypeExtensions (4.7)
    System.Resources.ResourceManager (4.3)
      Microsoft.NETCore.Platforms (>= 1.1)
      Microsoft.NETCore.Targets (>= 1.1)
      System.Globalization (>= 4.3)
      System.Reflection (>= 4.3)
      System.Runtime (>= 4.3)
    System.Runtime (4.3.1)
      Microsoft.NETCore.Platforms (>= 1.1.1)
      Microsoft.NETCore.Targets (>= 1.1.3)
    System.Runtime.CompilerServices.Unsafe (4.7)
    System.Runtime.Extensions (4.3.1)
      Microsoft.NETCore.Platforms (>= 1.1.1)
      Microsoft.NETCore.Targets (>= 1.1.3)
      System.Runtime (>= 4.3.1)
    System.Text.Encoding (4.3)
      Microsoft.NETCore.Platforms (>= 1.1)
      Microsoft.NETCore.Targets (>= 1.1)
      System.Runtime (>= 4.3)
    System.Text.Encodings.Web (4.7)
      System.Memory (>= 4.5.3) - restriction: || (&& (== netcoreapp3.0) (>= net461)) (&& (== netcoreapp3.0) (< netcoreapp2.1) (< netstandard2.1)) (&& (== netcoreapp3.0) (>= uap10.1)) (== netstandard2.0)
    System.Text.Json (4.7.1)
      Microsoft.Bcl.AsyncInterfaces (>= 1.1) - restriction: || (&& (== netcoreapp3.0) (>= monoandroid) (< netstandard2.0)) (&& (== netcoreapp3.0) (>= monotouch)) (&& (== netcoreapp3.0) (>= net461)) (&& (== netcoreapp3.0) (< netcoreapp2.0)) (&& (== netcoreapp3.0) (< netcoreapp2.1)) (&& (== netcoreapp3.0) (>= uap10.1)) (&& (== netcoreapp3.0) (>= xamarinios)) (&& (== netcoreapp3.0) (>= xamarinmac)) (&& (== netcoreapp3.0) (>= xamarintvos)) (&& (== netcoreapp3.0) (>= xamarinwatchos)) (== netstandard2.0)
      System.Buffers (>= 4.5) - restriction: || (&& (== netcoreapp3.0) (>= monoandroid) (< netstandard2.0)) (&& (== netcoreapp3.0) (>= monotouch)) (&& (== netcoreapp3.0) (>= net461)) (&& (== netcoreapp3.0) (< netcoreapp2.0)) (&& (== netcoreapp3.0) (>= xamarinios)) (&& (== netcoreapp3.0) (>= xamarinmac)) (&& (== netcoreapp3.0) (>= xamarintvos)) (&& (== netcoreapp3.0) (>= xamarinwatchos)) (== netstandard2.0)
      System.Memory (>= 4.5.3) - restriction: || (&& (== netcoreapp3.0) (>= net461)) (&& (== netcoreapp3.0) (< netcoreapp2.0)) (&& (== netcoreapp3.0) (< netcoreapp2.1)) (&& (== netcoreapp3.0) (>= uap10.1)) (== netstandard2.0)
      System.Numerics.Vectors (>= 4.5) - restriction: || (&& (== netcoreapp3.0) (>= net461)) (&& (== netcoreapp3.0) (< netcoreapp2.0)) (== netstandard2.0)
      System.Runtime.CompilerServices.Unsafe (>= 4.7)
      System.Text.Encodings.Web (>= 4.7)
      System.Threading.Tasks.Extensions (>= 4.5.2) - restriction: || (&& (== netcoreapp3.0) (>= net461)) (&& (== netcoreapp3.0) (< netcoreapp2.0)) (&& (== netcoreapp3.0) (< netcoreapp2.1)) (&& (== netcoreapp3.0) (>= uap10.1)) (== netstandard2.0)
    System.Threading (4.3)
      System.Runtime (>= 4.3)
      System.Threading.Tasks (>= 4.3)
    System.Threading.Tasks (4.3)
      Microsoft.NETCore.Platforms (>= 1.1)
      Microsoft.NETCore.Targets (>= 1.1)
      System.Runtime (>= 4.3)
    System.Threading.Tasks.Extensions (4.5.3) - restriction: || (&& (== netcoreapp3.0) (>= net461)) (&& (== netcoreapp3.0) (< netcoreapp2.0)) (&& (== netcoreapp3.0) (< netcoreapp2.1)) (&& (== netcoreapp3.0) (>= uap10.1)) (== netstandard2.0)
      System.Runtime.CompilerServices.Unsafe (>= 4.5.2) - restriction: || (&& (== netcoreapp3.0) (>= net45)) (&& (== netcoreapp3.0) (< netcoreapp2.1)) (&& (== netcoreapp3.0) (< netstandard1.0)) (&& (== netcoreapp3.0) (< netstandard2.0)) (&& (== netcoreapp3.0) (>= wp8)) (== netstandard2.0)
    Ultz.Native.GLFW (3.3.2)
    Ultz.SuperInvoke (1.0.3)
      System.Memory (>= 4.5.3)
      System.Reflection.Emit (>= 4.7)
      Ultz.SuperInvoke.Loader (>= 1.0.3)
    Ultz.SuperInvoke.Loader (1.0.3)
      microsoft.dotnet.platformabstractions (>= 3.1.1)
      Microsoft.Extensions.DependencyModel (>= 3.1.1)
    Unofficial.OpenTK (3.0.17)

GROUP Build
RESTRICTION: == netstandard2.0
NUGET
  remote: https://api.nuget.org/v3/index.json
    Argu (5.5)
      FSharp.Core (>= 4.3.2)
      System.Configuration.ConfigurationManager (>= 4.4)
    BlackFox.VsWhere (1.0)
      FSharp.Core (>= 4.2.3)
    fake-cli (5.19.1)
    Fake.Core.CommandLineParsing (5.19.1)
      FParsec (>= 1.0.3)
      FSharp.Core (>= 4.7)
    Fake.Core.Context (5.19.1)
      FSharp.Core (>= 4.7)
    Fake.Core.Environment (5.19.1)
      FSharp.Core (>= 4.7)
    Fake.Core.FakeVar (5.19.1)
      Fake.Core.Context (>= 5.19.1)
      FSharp.Core (>= 4.7)
    Fake.Core.Process (5.19.1)
      Fake.Core.Environment (>= 5.19.1)
      Fake.Core.FakeVar (>= 5.19.1)
      Fake.Core.String (>= 5.19.1)
      Fake.Core.Trace (>= 5.19.1)
      Fake.IO.FileSystem (>= 5.19.1)
      FSharp.Core (>= 4.7)
      System.Diagnostics.Process (>= 4.3)
    Fake.Core.SemVer (5.19.1)
      FSharp.Core (>= 4.7)
      System.Runtime.Numerics (>= 4.3)
    Fake.Core.String (5.19.1)
      FSharp.Core (>= 4.7)
    Fake.Core.Target (5.19.1)
      Fake.Core.CommandLineParsing (>= 5.19.1)
      Fake.Core.Context (>= 5.19.1)
      Fake.Core.Environment (>= 5.19.1)
      Fake.Core.FakeVar (>= 5.19.1)
      Fake.Core.Process (>= 5.19.1)
      Fake.Core.String (>= 5.19.1)
      Fake.Core.Trace (>= 5.19.1)
      FSharp.Control.Reactive (>= 4.2)
      FSharp.Core (>= 4.7)
      System.Reactive.Compatibility (>= 4.3.1)
    Fake.Core.Tasks (5.19.1)
      Fake.Core.Trace (>= 5.19.1)
      FSharp.Core (>= 4.7)
    Fake.Core.Trace (5.19.1)
      Fake.Core.Environment (>= 5.19.1)
      Fake.Core.FakeVar (>= 5.19.1)
      FSharp.Core (>= 4.7)
    Fake.Core.Xml (5.19.1)
      Fake.Core.String (>= 5.19.1)
      FSharp.Core (>= 4.7)
      System.Xml.ReaderWriter (>= 4.3.1)
      System.Xml.XDocument (>= 4.3)
      System.Xml.XPath (>= 4.3)
      System.Xml.XPath.XDocument (>= 4.3)
      System.Xml.XPath.XmlDocument (>= 4.3)
    Fake.DotNet.Cli (5.19.1)
      Fake.Core.Environment (>= 5.19.1)
      Fake.Core.Process (>= 5.19.1)
      Fake.Core.String (>= 5.19.1)
      Fake.Core.Trace (>= 5.19.1)
      Fake.DotNet.MSBuild (>= 5.19.1)
      Fake.DotNet.NuGet (>= 5.19.1)
      Fake.IO.FileSystem (>= 5.19.1)
      FSharp.Core (>= 4.7)
      Mono.Posix.NETStandard (>= 1.0)
      Newtonsoft.Json (>= 12.0.3)
    Fake.DotNet.MSBuild (5.19.1)
      BlackFox.VsWhere (>= 1.0)
      Fake.Core.Environment (>= 5.19.1)
      Fake.Core.Process (>= 5.19.1)
      Fake.Core.String (>= 5.19.1)
      Fake.Core.Trace (>= 5.19.1)
      Fake.IO.FileSystem (>= 5.19.1)
      FSharp.Core (>= 4.7)
      MSBuild.StructuredLogger (>= 2.0.152)
    Fake.DotNet.NuGet (5.19.1)
      Fake.Core.Environment (>= 5.19.1)
      Fake.Core.Process (>= 5.19.1)
      Fake.Core.SemVer (>= 5.19.1)
      Fake.Core.String (>= 5.19.1)
      Fake.Core.Tasks (>= 5.19.1)
      Fake.Core.Trace (>= 5.19.1)
      Fake.Core.Xml (>= 5.19.1)
      Fake.IO.FileSystem (>= 5.19.1)
      Fake.Net.Http (>= 5.19.1)
      FSharp.Core (>= 4.7)
      Newtonsoft.Json (>= 12.0.3)
      NuGet.Protocol (>= 4.9.4)
      System.Net.Http (>= 4.3.4)
    Fake.IO.FileSystem (5.19.1)
      Fake.Core.String (>= 5.19.1)
      FSharp.Core (>= 4.7)
      System.Diagnostics.FileVersionInfo (>= 4.3)
      System.IO.FileSystem.Watcher (>= 4.3)
    Fake.Net.Http (5.19.1)
      Fake.Core.Trace (>= 5.19.1)
      FSharp.Core (>= 4.7)
      System.Net.Http (>= 4.3.4)
    Fake.Tools.Git (5.19.1)
      Fake.Core.Environment (>= 5.19.1)
      Fake.Core.Process (>= 5.19.1)
      Fake.Core.SemVer (>= 5.19.1)
      Fake.Core.String (>= 5.19.1)
      Fake.Core.Trace (>= 5.19.1)
      Fake.IO.FileSystem (>= 5.19.1)
      FSharp.Core (>= 4.7)
    FParsec (1.1.1)
      FSharp.Core (>= 4.3.4)
    FSharp.Control.Reactive (4.2)
      FSharp.Core (>= 4.2.3)
      System.Reactive (>= 4.0)
    FSharp.Core (4.7)
    Microsoft.Build (16.4)
    Microsoft.Build.Framework (16.4)
      System.Runtime.Serialization.Primitives (>= 4.1.1)
      System.Threading.Thread (>= 4.0)
    Microsoft.Build.Tasks.Core (16.4)
      Microsoft.Build.Framework (>= 16.4)
      Microsoft.Build.Utilities.Core (>= 16.4)
      Microsoft.Win32.Registry (>= 4.3)
      System.CodeDom (>= 4.4)
      System.Collections.Immutable (>= 1.5)
      System.Linq.Parallel (>= 4.0.1)
      System.Net.Http (>= 4.3.4)
      System.Reflection.Metadata (>= 1.6)
      System.Reflection.TypeExtensions (>= 4.1)
      System.Resources.Extensions (>= 4.6)
      System.Resources.Writer (>= 4.0)
      System.Threading.Tasks.Dataflow (>= 4.9)
    Microsoft.Build.Utilities.Core (16.4)
      Microsoft.Build.Framework (>= 16.4)
      Microsoft.Win32.Registry (>= 4.3)
      System.Collections.Immutable (>= 1.5)
      System.Text.Encoding.CodePages (>= 4.0.1)
    Microsoft.NETCore.Platforms (3.1)
    Microsoft.NETCore.Targets (3.1)
    Microsoft.Win32.Primitives (4.3)
      Microsoft.NETCore.Platforms (>= 1.1)
      Microsoft.NETCore.Targets (>= 1.1)
      System.Runtime (>= 4.3)
    Microsoft.Win32.Registry (4.7)
      System.Buffers (>= 4.5)
      System.Memory (>= 4.5.3)
      System.Security.AccessControl (>= 4.7)
      System.Security.Principal.Windows (>= 4.7)
    Mono.Cecil (0.10.4)
      System.Collections (>= 4.3)
      System.IO.FileSystem (>= 4.3)
      System.IO.FileSystem.Primitives (>= 4.3)
      System.Reflection (>= 4.3)
      System.Runtime.Extensions (>= 4.3)
      System.Security.Cryptography.Algorithms (>= 4.3)
      System.Security.Cryptography.Csp (>= 4.3)
      System.Threading (>= 4.3)
    Mono.Posix.NETStandard (1.0)
    MSBuild.StructuredLogger (2.0.174)
      Microsoft.Build (>= 15.8.166)
      Microsoft.Build.Framework (>= 15.8.166)
      Microsoft.Build.Tasks.Core (>= 15.8.166)
      Microsoft.Build.Utilities.Core (>= 15.8.166)
    Newtonsoft.Json (12.0.3)
    NuGet.Common (5.4)
      NuGet.Frameworks (>= 5.4)
      System.Diagnostics.Process (>= 4.3)
      System.Threading.Thread (>= 4.3)
    NuGet.Configuration (5.4)
      NuGet.Common (>= 5.4)
      System.Security.Cryptography.ProtectedData (>= 4.3)
    NuGet.Frameworks (5.4)
    NuGet.Packaging (5.4)
      Newtonsoft.Json (>= 9.0.1)
      NuGet.Configuration (>= 5.4)
      NuGet.Versioning (>= 5.4)
      System.Dynamic.Runtime (>= 4.3)
    NuGet.Protocol (5.4)
      NuGet.Packaging (>= 5.4)
      System.Dynamic.Runtime (>= 4.3)
    NuGet.Versioning (5.4)
    runtime.debian.8-x64.runtime.native.System.Security.Cryptography.OpenSsl (4.3.3)
    runtime.debian.9-x64.runtime.native.System.Security.Cryptography.OpenSsl (4.3.3)
    runtime.fedora.23-x64.runtime.native.System.Security.Cryptography.OpenSsl (4.3.3)
    runtime.fedora.24-x64.runtime.native.System.Security.Cryptography.OpenSsl (4.3.3)
    runtime.fedora.27-x64.runtime.native.System.Security.Cryptography.OpenSsl (4.3.3)
    runtime.fedora.28-x64.runtime.native.System.Security.Cryptography.OpenSsl (4.3.3)
    runtime.native.System (4.3.1)
      Microsoft.NETCore.Platforms (>= 1.1.1)
      Microsoft.NETCore.Targets (>= 1.1.3)
    runtime.native.System.IO.Compression (4.3.2)
      Microsoft.NETCore.Platforms (>= 1.1.1)
      Microsoft.NETCore.Targets (>= 1.1.3)
    runtime.native.System.Net.Http (4.3.1)
      Microsoft.NETCore.Platforms (>= 1.1.1)
      Microsoft.NETCore.Targets (>= 1.1.3)
    runtime.native.System.Security.Cryptography.Apple (4.3.1)
      runtime.osx.10.10-x64.runtime.native.System.Security.Cryptography.Apple (>= 4.3.1)
    runtime.native.System.Security.Cryptography.OpenSsl (4.3.3)
      runtime.debian.8-x64.runtime.native.System.Security.Cryptography.OpenSsl (>= 4.3.3)
      runtime.debian.9-x64.runtime.native.System.Security.Cryptography.OpenSsl (>= 4.3.3)
      runtime.fedora.23-x64.runtime.native.System.Security.Cryptography.OpenSsl (>= 4.3.3)
      runtime.fedora.24-x64.runtime.native.System.Security.Cryptography.OpenSsl (>= 4.3.3)
      runtime.fedora.27-x64.runtime.native.System.Security.Cryptography.OpenSsl (>= 4.3.3)
      runtime.fedora.28-x64.runtime.native.System.Security.Cryptography.OpenSsl (>= 4.3.3)
      runtime.opensuse.13.2-x64.runtime.native.System.Security.Cryptography.OpenSsl (>= 4.3.3)
      runtime.opensuse.42.1-x64.runtime.native.System.Security.Cryptography.OpenSsl (>= 4.3.3)
      runtime.opensuse.42.3-x64.runtime.native.System.Security.Cryptography.OpenSsl (>= 4.3.3)
      runtime.osx.10.10-x64.runtime.native.System.Security.Cryptography.OpenSsl (>= 4.3.3)
      runtime.rhel.7-x64.runtime.native.System.Security.Cryptography.OpenSsl (>= 4.3.3)
      runtime.ubuntu.14.04-x64.runtime.native.System.Security.Cryptography.OpenSsl (>= 4.3.3)
      runtime.ubuntu.16.04-x64.runtime.native.System.Security.Cryptography.OpenSsl (>= 4.3.3)
      runtime.ubuntu.16.10-x64.runtime.native.System.Security.Cryptography.OpenSsl (>= 4.3.3)
      runtime.ubuntu.18.04-x64.runtime.native.System.Security.Cryptography.OpenSsl (>= 4.3.3)
    runtime.opensuse.13.2-x64.runtime.native.System.Security.Cryptography.OpenSsl (4.3.3)
    runtime.opensuse.42.1-x64.runtime.native.System.Security.Cryptography.OpenSsl (4.3.3)
    runtime.opensuse.42.3-x64.runtime.native.System.Security.Cryptography.OpenSsl (4.3.3)
    runtime.osx.10.10-x64.runtime.native.System.Security.Cryptography.Apple (4.3.1)
    runtime.osx.10.10-x64.runtime.native.System.Security.Cryptography.OpenSsl (4.3.3)
    runtime.rhel.7-x64.runtime.native.System.Security.Cryptography.OpenSsl (4.3.3)
    runtime.ubuntu.14.04-x64.runtime.native.System.Security.Cryptography.OpenSsl (4.3.3)
    runtime.ubuntu.16.04-x64.runtime.native.System.Security.Cryptography.OpenSsl (4.3.3)
    runtime.ubuntu.16.10-x64.runtime.native.System.Security.Cryptography.OpenSsl (4.3.3)
    runtime.ubuntu.18.04-x64.runtime.native.System.Security.Cryptography.OpenSsl (4.3.3)
    SourceLink.Fake (1.1)
    System.Buffers (4.5)
    System.CodeDom (4.7)
    System.Collections (4.3)
      Microsoft.NETCore.Platforms (>= 1.1)
      Microsoft.NETCore.Targets (>= 1.1)
      System.Runtime (>= 4.3)
    System.Collections.Concurrent (4.3)
      System.Collections (>= 4.3)
      System.Diagnostics.Debug (>= 4.3)
      System.Diagnostics.Tracing (>= 4.3)
      System.Globalization (>= 4.3)
      System.Reflection (>= 4.3)
      System.Resources.ResourceManager (>= 4.3)
      System.Runtime (>= 4.3)
      System.Runtime.Extensions (>= 4.3)
      System.Threading (>= 4.3)
      System.Threading.Tasks (>= 4.3)
    System.Collections.Immutable (1.7)
      System.Memory (>= 4.5.3)
    System.Configuration.ConfigurationManager (4.7)
      System.Security.Cryptography.ProtectedData (>= 4.7)
      System.Security.Permissions (>= 4.7)
    System.Diagnostics.Debug (4.3)
      Microsoft.NETCore.Platforms (>= 1.1)
      Microsoft.NETCore.Targets (>= 1.1)
      System.Runtime (>= 4.3)
    System.Diagnostics.DiagnosticSource (4.7)
      System.Memory (>= 4.5.3)
    System.Diagnostics.FileVersionInfo (4.3)
      Microsoft.NETCore.Platforms (>= 1.1)
      System.Globalization (>= 4.3)
      System.IO (>= 4.3)
      System.IO.FileSystem (>= 4.3)
      System.IO.FileSystem.Primitives (>= 4.3)
      System.Reflection.Metadata (>= 1.4.1)
      System.Runtime (>= 4.3)
      System.Runtime.Extensions (>= 4.3)
      System.Runtime.InteropServices (>= 4.3)
    System.Diagnostics.Process (4.3)
      Microsoft.NETCore.Platforms (>= 1.1)
      Microsoft.Win32.Primitives (>= 4.3)
      Microsoft.Win32.Registry (>= 4.3)
      runtime.native.System (>= 4.3)
      System.Collections (>= 4.3)
      System.Diagnostics.Debug (>= 4.3)
      System.Globalization (>= 4.3)
      System.IO (>= 4.3)
      System.IO.FileSystem (>= 4.3)
      System.IO.FileSystem.Primitives (>= 4.3)
      System.Resources.ResourceManager (>= 4.3)
      System.Runtime (>= 4.3)
      System.Runtime.Extensions (>= 4.3)
      System.Runtime.Handles (>= 4.3)
      System.Runtime.InteropServices (>= 4.3)
      System.Text.Encoding (>= 4.3)
      System.Text.Encoding.Extensions (>= 4.3)
      System.Threading (>= 4.3)
      System.Threading.Tasks (>= 4.3)
      System.Threading.Thread (>= 4.3)
      System.Threading.ThreadPool (>= 4.3)
    System.Diagnostics.Tools (4.3)
      Microsoft.NETCore.Platforms (>= 1.1)
      Microsoft.NETCore.Targets (>= 1.1)
      System.Runtime (>= 4.3)
    System.Diagnostics.Tracing (4.3)
      Microsoft.NETCore.Platforms (>= 1.1)
      Microsoft.NETCore.Targets (>= 1.1)
      System.Runtime (>= 4.3)
    System.Dynamic.Runtime (4.3)
      System.Collections (>= 4.3)
      System.Diagnostics.Debug (>= 4.3)
      System.Linq (>= 4.3)
      System.Linq.Expressions (>= 4.3)
      System.ObjectModel (>= 4.3)
      System.Reflection (>= 4.3)
      System.Reflection.Emit (>= 4.3)
      System.Reflection.Emit.ILGeneration (>= 4.3)
      System.Reflection.Primitives (>= 4.3)
      System.Reflection.TypeExtensions (>= 4.3)
      System.Resources.ResourceManager (>= 4.3)
      System.Runtime (>= 4.3)
      System.Runtime.Extensions (>= 4.3)
      System.Threading (>= 4.3)
    System.Globalization (4.3)
      Microsoft.NETCore.Platforms (>= 1.1)
      Microsoft.NETCore.Targets (>= 1.1)
      System.Runtime (>= 4.3)
    System.Globalization.Calendars (4.3)
      Microsoft.NETCore.Platforms (>= 1.1)
      Microsoft.NETCore.Targets (>= 1.1)
      System.Globalization (>= 4.3)
      System.Runtime (>= 4.3)
    System.Globalization.Extensions (4.3)
      Microsoft.NETCore.Platforms (>= 1.1)
      System.Globalization (>= 4.3)
      System.Resources.ResourceManager (>= 4.3)
      System.Runtime (>= 4.3)
      System.Runtime.Extensions (>= 4.3)
      System.Runtime.InteropServices (>= 4.3)
    System.IO (4.3)
      Microsoft.NETCore.Platforms (>= 1.1)
      Microsoft.NETCore.Targets (>= 1.1)
      System.Runtime (>= 4.3)
      System.Text.Encoding (>= 4.3)
      System.Threading.Tasks (>= 4.3)
    System.IO.Compression (4.3)
      Microsoft.NETCore.Platforms (>= 1.1)
      runtime.native.System (>= 4.3)
      runtime.native.System.IO.Compression (>= 4.3)
      System.Buffers (>= 4.3)
      System.Collections (>= 4.3)
      System.Diagnostics.Debug (>= 4.3)
      System.IO (>= 4.3)
      System.Resources.ResourceManager (>= 4.3)
      System.Runtime (>= 4.3)
      System.Runtime.Extensions (>= 4.3)
      System.Runtime.Handles (>= 4.3)
      System.Runtime.InteropServices (>= 4.3)
      System.Text.Encoding (>= 4.3)
      System.Threading (>= 4.3)
      System.Threading.Tasks (>= 4.3)
    System.IO.Compression.ZipFile (4.3)
      System.Buffers (>= 4.3)
      System.IO (>= 4.3)
      System.IO.Compression (>= 4.3)
      System.IO.FileSystem (>= 4.3)
      System.IO.FileSystem.Primitives (>= 4.3)
      System.Resources.ResourceManager (>= 4.3)
      System.Runtime (>= 4.3)
      System.Runtime.Extensions (>= 4.3)
      System.Text.Encoding (>= 4.3)
    System.IO.FileSystem (4.3)
      Microsoft.NETCore.Platforms (>= 1.1)
      Microsoft.NETCore.Targets (>= 1.1)
      System.IO (>= 4.3)
      System.IO.FileSystem.Primitives (>= 4.3)
      System.Runtime (>= 4.3)
      System.Runtime.Handles (>= 4.3)
      System.Text.Encoding (>= 4.3)
      System.Threading.Tasks (>= 4.3)
    System.IO.FileSystem.Primitives (4.3)
      System.Runtime (>= 4.3)
    System.IO.FileSystem.Watcher (4.3)
      Microsoft.NETCore.Platforms (>= 1.1)
      Microsoft.Win32.Primitives (>= 4.3)
      runtime.native.System (>= 4.3)
      System.Collections (>= 4.3)
      System.IO.FileSystem (>= 4.3)
      System.IO.FileSystem.Primitives (>= 4.3)
      System.Resources.ResourceManager (>= 4.3)
      System.Runtime (>= 4.3)
      System.Runtime.Extensions (>= 4.3)
      System.Runtime.Handles (>= 4.3)
      System.Runtime.InteropServices (>= 4.3)
      System.Text.Encoding (>= 4.3)
      System.Threading (>= 4.3)
      System.Threading.Overlapped (>= 4.3)
      System.Threading.Tasks (>= 4.3)
      System.Threading.Thread (>= 4.3)
    System.Linq (4.3)
      System.Collections (>= 4.3)
      System.Diagnostics.Debug (>= 4.3)
      System.Resources.ResourceManager (>= 4.3)
      System.Runtime (>= 4.3)
      System.Runtime.Extensions (>= 4.3)
    System.Linq.Expressions (4.3)
      System.Collections (>= 4.3)
      System.Diagnostics.Debug (>= 4.3)
      System.Globalization (>= 4.3)
      System.IO (>= 4.3)
      System.Linq (>= 4.3)
      System.ObjectModel (>= 4.3)
      System.Reflection (>= 4.3)
      System.Reflection.Emit (>= 4.3)
      System.Reflection.Emit.ILGeneration (>= 4.3)
      System.Reflection.Emit.Lightweight (>= 4.3)
      System.Reflection.Extensions (>= 4.3)
      System.Reflection.Primitives (>= 4.3)
      System.Reflection.TypeExtensions (>= 4.3)
      System.Resources.ResourceManager (>= 4.3)
      System.Runtime (>= 4.3)
      System.Runtime.Extensions (>= 4.3)
      System.Threading (>= 4.3)
    System.Linq.Parallel (4.3)
      System.Collections (>= 4.3)
      System.Collections.Concurrent (>= 4.3)
      System.Diagnostics.Debug (>= 4.3)
      System.Diagnostics.Tracing (>= 4.3)
      System.Linq (>= 4.3)
      System.Resources.ResourceManager (>= 4.3)
      System.Runtime (>= 4.3)
      System.Runtime.Extensions (>= 4.3)
      System.Threading (>= 4.3)
      System.Threading.Tasks (>= 4.3)
    System.Memory (4.5.3)
      System.Buffers (>= 4.4)
      System.Numerics.Vectors (>= 4.4)
      System.Runtime.CompilerServices.Unsafe (>= 4.5.2)
    System.Net.Http (4.3.4)
      Microsoft.NETCore.Platforms (>= 1.1.1)
      runtime.native.System (>= 4.3)
      runtime.native.System.Net.Http (>= 4.3)
      runtime.native.System.Security.Cryptography.OpenSsl (>= 4.3.2)
      System.Collections (>= 4.3)
      System.Diagnostics.Debug (>= 4.3)
      System.Diagnostics.DiagnosticSource (>= 4.3)
      System.Diagnostics.Tracing (>= 4.3)
      System.Globalization (>= 4.3)
      System.Globalization.Extensions (>= 4.3)
      System.IO (>= 4.3)
      System.IO.FileSystem (>= 4.3)
      System.Net.Primitives (>= 4.3)
      System.Resources.ResourceManager (>= 4.3)
      System.Runtime (>= 4.3)
      System.Runtime.Extensions (>= 4.3)
      System.Runtime.Handles (>= 4.3)
      System.Runtime.InteropServices (>= 4.3)
      System.Security.Cryptography.Algorithms (>= 4.3)
      System.Security.Cryptography.Encoding (>= 4.3)
      System.Security.Cryptography.OpenSsl (>= 4.3)
      System.Security.Cryptography.Primitives (>= 4.3)
      System.Security.Cryptography.X509Certificates (>= 4.3)
      System.Text.Encoding (>= 4.3)
      System.Threading (>= 4.3)
      System.Threading.Tasks (>= 4.3)
    System.Net.Primitives (4.3.1)
      Microsoft.NETCore.Platforms (>= 1.1.1)
      Microsoft.NETCore.Targets (>= 1.1.3)
      System.Runtime (>= 4.3.1)
      System.Runtime.Handles (>= 4.3)
    System.Numerics.Vectors (4.5)
    System.ObjectModel (4.3)
      System.Collections (>= 4.3)
      System.Diagnostics.Debug (>= 4.3)
      System.Resources.ResourceManager (>= 4.3)
      System.Runtime (>= 4.3)
      System.Threading (>= 4.3)
    System.Reactive (4.3.2)
      System.Runtime.InteropServices.WindowsRuntime (>= 4.3)
      System.Threading.Tasks.Extensions (>= 4.5.3)
    System.Reactive.Compatibility (4.3.2)
      System.Reactive.Core (>= 4.3.2)
      System.Reactive.Interfaces (>= 4.3.2)
      System.Reactive.Linq (>= 4.3.2)
      System.Reactive.PlatformServices (>= 4.3.2)
      System.Reactive.Providers (>= 4.3.2)
    System.Reactive.Core (4.3.2)
      System.Reactive (>= 4.3.2)
      System.Threading.Tasks.Extensions (>= 4.5.3)
    System.Reactive.Interfaces (4.3.2)
      System.Reactive (>= 4.3.2)
      System.Threading.Tasks.Extensions (>= 4.5.3)
    System.Reactive.Linq (4.3.2)
      System.Reactive (>= 4.3.2)
      System.Threading.Tasks.Extensions (>= 4.5.3)
    System.Reactive.PlatformServices (4.3.2)
      System.Reactive (>= 4.3.2)
      System.Threading.Tasks.Extensions (>= 4.5.3)
    System.Reactive.Providers (4.3.2)
      System.Reactive (>= 4.3.2)
      System.Threading.Tasks.Extensions (>= 4.5.3)
    System.Reflection (4.3)
      Microsoft.NETCore.Platforms (>= 1.1)
      Microsoft.NETCore.Targets (>= 1.1)
      System.IO (>= 4.3)
      System.Reflection.Primitives (>= 4.3)
      System.Runtime (>= 4.3)
    System.Reflection.Emit (4.7)
      System.Reflection.Emit.ILGeneration (>= 4.7)
    System.Reflection.Emit.ILGeneration (4.7)
    System.Reflection.Emit.Lightweight (4.7)
      System.Reflection.Emit.ILGeneration (>= 4.7)
    System.Reflection.Extensions (4.3)
      Microsoft.NETCore.Platforms (>= 1.1)
      Microsoft.NETCore.Targets (>= 1.1)
      System.Reflection (>= 4.3)
      System.Runtime (>= 4.3)
    System.Reflection.Metadata (1.8)
      System.Collections.Immutable (>= 1.7)
    System.Reflection.Primitives (4.3)
      Microsoft.NETCore.Platforms (>= 1.1)
      Microsoft.NETCore.Targets (>= 1.1)
      System.Runtime (>= 4.3)
    System.Reflection.TypeExtensions (4.7)
    System.Resources.Extensions (4.7)
      System.Memory (>= 4.5.3)
    System.Resources.ResourceManager (4.3)
      Microsoft.NETCore.Platforms (>= 1.1)
      Microsoft.NETCore.Targets (>= 1.1)
      System.Globalization (>= 4.3)
      System.Reflection (>= 4.3)
      System.Runtime (>= 4.3)
    System.Resources.Writer (4.3)
      System.Collections (>= 4.3)
      System.IO (>= 4.3)
      System.Resources.ResourceManager (>= 4.3)
      System.Runtime (>= 4.3)
      System.Runtime.Extensions (>= 4.3)
      System.Text.Encoding (>= 4.3)
    System.Runtime (4.3.1)
      Microsoft.NETCore.Platforms (>= 1.1.1)
      Microsoft.NETCore.Targets (>= 1.1.3)
    System.Runtime.CompilerServices.Unsafe (4.7)
    System.Runtime.Extensions (4.3.1)
      Microsoft.NETCore.Platforms (>= 1.1.1)
      Microsoft.NETCore.Targets (>= 1.1.3)
      System.Runtime (>= 4.3.1)
    System.Runtime.Handles (4.3)
      Microsoft.NETCore.Platforms (>= 1.1)
      Microsoft.NETCore.Targets (>= 1.1)
      System.Runtime (>= 4.3)
    System.Runtime.InteropServices (4.3)
      Microsoft.NETCore.Platforms (>= 1.1)
      Microsoft.NETCore.Targets (>= 1.1)
      System.Reflection (>= 4.3)
      System.Reflection.Primitives (>= 4.3)
      System.Runtime (>= 4.3)
      System.Runtime.Handles (>= 4.3)
    System.Runtime.InteropServices.WindowsRuntime (4.3)
      System.Runtime (>= 4.3)
    System.Runtime.Numerics (4.3)
      System.Globalization (>= 4.3)
      System.Resources.ResourceManager (>= 4.3)
      System.Runtime (>= 4.3)
      System.Runtime.Extensions (>= 4.3)
    System.Runtime.Serialization.Primitives (4.3)
      System.Resources.ResourceManager (>= 4.3)
      System.Runtime (>= 4.3)
    System.Security.AccessControl (4.7)
      System.Security.Principal.Windows (>= 4.7)
    System.Security.Cryptography.Algorithms (4.3.1)
      Microsoft.NETCore.Platforms (>= 1.1)
      runtime.native.System.Security.Cryptography.Apple (>= 4.3.1)
      runtime.native.System.Security.Cryptography.OpenSsl (>= 4.3.2)
      System.Collections (>= 4.3)
      System.IO (>= 4.3)
      System.Resources.ResourceManager (>= 4.3)
      System.Runtime (>= 4.3)
      System.Runtime.Extensions (>= 4.3)
      System.Runtime.Handles (>= 4.3)
      System.Runtime.InteropServices (>= 4.3)
      System.Runtime.Numerics (>= 4.3)
      System.Security.Cryptography.Encoding (>= 4.3)
      System.Security.Cryptography.Primitives (>= 4.3)
      System.Text.Encoding (>= 4.3)
    System.Security.Cryptography.Cng (4.7)
    System.Security.Cryptography.Csp (4.3)
      Microsoft.NETCore.Platforms (>= 1.1)
      System.IO (>= 4.3)
      System.Reflection (>= 4.3)
      System.Resources.ResourceManager (>= 4.3)
      System.Runtime (>= 4.3)
      System.Runtime.Extensions (>= 4.3)
      System.Runtime.Handles (>= 4.3)
      System.Runtime.InteropServices (>= 4.3)
      System.Security.Cryptography.Algorithms (>= 4.3)
      System.Security.Cryptography.Encoding (>= 4.3)
      System.Security.Cryptography.Primitives (>= 4.3)
      System.Text.Encoding (>= 4.3)
      System.Threading (>= 4.3)
    System.Security.Cryptography.Encoding (4.3)
      Microsoft.NETCore.Platforms (>= 1.1)
      runtime.native.System.Security.Cryptography.OpenSsl (>= 4.3)
      System.Collections (>= 4.3)
      System.Collections.Concurrent (>= 4.3)
      System.Linq (>= 4.3)
      System.Resources.ResourceManager (>= 4.3)
      System.Runtime (>= 4.3)
      System.Runtime.Extensions (>= 4.3)
      System.Runtime.Handles (>= 4.3)
      System.Runtime.InteropServices (>= 4.3)
      System.Security.Cryptography.Primitives (>= 4.3)
      System.Text.Encoding (>= 4.3)
    System.Security.Cryptography.OpenSsl (4.7)
    System.Security.Cryptography.Primitives (4.3)
      System.Diagnostics.Debug (>= 4.3)
      System.Globalization (>= 4.3)
      System.IO (>= 4.3)
      System.Resources.ResourceManager (>= 4.3)
      System.Runtime (>= 4.3)
      System.Threading (>= 4.3)
      System.Threading.Tasks (>= 4.3)
    System.Security.Cryptography.ProtectedData (4.7)
      System.Memory (>= 4.5.3)
    System.Security.Cryptography.X509Certificates (4.3.2)
      Microsoft.NETCore.Platforms (>= 1.1)
      runtime.native.System (>= 4.3)
      runtime.native.System.Net.Http (>= 4.3)
      runtime.native.System.Security.Cryptography.OpenSsl (>= 4.3.2)
      System.Collections (>= 4.3)
      System.Diagnostics.Debug (>= 4.3)
      System.Globalization (>= 4.3)
      System.Globalization.Calendars (>= 4.3)
      System.IO (>= 4.3)
      System.IO.FileSystem (>= 4.3)
      System.IO.FileSystem.Primitives (>= 4.3)
      System.Resources.ResourceManager (>= 4.3)
      System.Runtime (>= 4.3)
      System.Runtime.Extensions (>= 4.3)
      System.Runtime.Handles (>= 4.3)
      System.Runtime.InteropServices (>= 4.3)
      System.Runtime.Numerics (>= 4.3)
      System.Security.Cryptography.Algorithms (>= 4.3)
      System.Security.Cryptography.Cng (>= 4.3)
      System.Security.Cryptography.Csp (>= 4.3)
      System.Security.Cryptography.Encoding (>= 4.3)
      System.Security.Cryptography.OpenSsl (>= 4.3)
      System.Security.Cryptography.Primitives (>= 4.3)
      System.Text.Encoding (>= 4.3)
      System.Threading (>= 4.3)
    System.Security.Permissions (4.7)
      System.Security.AccessControl (>= 4.7)
    System.Security.Principal.Windows (4.7)
    System.Text.Encoding (4.3)
      Microsoft.NETCore.Platforms (>= 1.1)
      Microsoft.NETCore.Targets (>= 1.1)
      System.Runtime (>= 4.3)
    System.Text.Encoding.CodePages (4.7)
      System.Runtime.CompilerServices.Unsafe (>= 4.7)
    System.Text.Encoding.Extensions (4.3)
      Microsoft.NETCore.Platforms (>= 1.1)
      Microsoft.NETCore.Targets (>= 1.1)
      System.Runtime (>= 4.3)
      System.Text.Encoding (>= 4.3)
    System.Text.RegularExpressions (4.3.1)
      System.Collections (>= 4.3)
      System.Globalization (>= 4.3)
      System.Resources.ResourceManager (>= 4.3)
      System.Runtime (>= 4.3.1)
      System.Runtime.Extensions (>= 4.3.1)
      System.Threading (>= 4.3)
    System.Threading (4.3)
      System.Runtime (>= 4.3)
      System.Threading.Tasks (>= 4.3)
    System.Threading.Overlapped (4.3)
      Microsoft.NETCore.Platforms (>= 1.1)
      System.Resources.ResourceManager (>= 4.3)
      System.Runtime (>= 4.3)
      System.Runtime.Handles (>= 4.3)
    System.Threading.Tasks (4.3)
      Microsoft.NETCore.Platforms (>= 1.1)
      Microsoft.NETCore.Targets (>= 1.1)
      System.Runtime (>= 4.3)
    System.Threading.Tasks.Dataflow (4.11)
    System.Threading.Tasks.Extensions (4.5.3)
      System.Runtime.CompilerServices.Unsafe (>= 4.5.2)
    System.Threading.Thread (4.3)
      System.Runtime (>= 4.3)
    System.Threading.ThreadPool (4.3)
      System.Runtime (>= 4.3)
      System.Runtime.Handles (>= 4.3)
    System.Xml.ReaderWriter (4.3.1)
      System.Collections (>= 4.3)
      System.Diagnostics.Debug (>= 4.3)
      System.Globalization (>= 4.3)
      System.IO (>= 4.3)
      System.IO.FileSystem (>= 4.3)
      System.IO.FileSystem.Primitives (>= 4.3)
      System.Resources.ResourceManager (>= 4.3)
      System.Runtime (>= 4.3)
      System.Runtime.Extensions (>= 4.3)
      System.Runtime.InteropServices (>= 4.3)
      System.Text.Encoding (>= 4.3)
      System.Text.Encoding.Extensions (>= 4.3)
      System.Text.RegularExpressions (>= 4.3)
      System.Threading.Tasks (>= 4.3)
      System.Threading.Tasks.Extensions (>= 4.3)
    System.Xml.XDocument (4.3)
      System.Collections (>= 4.3)
      System.Diagnostics.Debug (>= 4.3)
      System.Diagnostics.Tools (>= 4.3)
      System.Globalization (>= 4.3)
      System.IO (>= 4.3)
      System.Reflection (>= 4.3)
      System.Resources.ResourceManager (>= 4.3)
      System.Runtime (>= 4.3)
      System.Runtime.Extensions (>= 4.3)
      System.Text.Encoding (>= 4.3)
      System.Threading (>= 4.3)
      System.Xml.ReaderWriter (>= 4.3)
    System.Xml.XmlDocument (4.3)
      System.Collections (>= 4.3)
      System.Diagnostics.Debug (>= 4.3)
      System.Globalization (>= 4.3)
      System.IO (>= 4.3)
      System.Resources.ResourceManager (>= 4.3)
      System.Runtime (>= 4.3)
      System.Runtime.Extensions (>= 4.3)
      System.Text.Encoding (>= 4.3)
      System.Threading (>= 4.3)
      System.Xml.ReaderWriter (>= 4.3)
    System.Xml.XPath (4.3)
      System.Collections (>= 4.3)
      System.Diagnostics.Debug (>= 4.3)
      System.Globalization (>= 4.3)
      System.IO (>= 4.3)
      System.Resources.ResourceManager (>= 4.3)
      System.Runtime (>= 4.3)
      System.Runtime.Extensions (>= 4.3)
      System.Threading (>= 4.3)
      System.Xml.ReaderWriter (>= 4.3)
    System.Xml.XPath.XDocument (4.3)
      System.Diagnostics.Debug (>= 4.3)
      System.Linq (>= 4.3)
      System.Resources.ResourceManager (>= 4.3)
      System.Runtime (>= 4.3)
      System.Runtime.Extensions (>= 4.3)
      System.Threading (>= 4.3)
      System.Xml.ReaderWriter (>= 4.3)
      System.Xml.XDocument (>= 4.3)
      System.Xml.XPath (>= 4.3)
    System.Xml.XPath.XmlDocument (4.3)
      System.Collections (>= 4.3)
      System.Globalization (>= 4.3)
      System.IO (>= 4.3)
      System.Resources.ResourceManager (>= 4.3)
      System.Runtime (>= 4.3)
      System.Runtime.Extensions (>= 4.3)
      System.Threading (>= 4.3)
      System.Xml.ReaderWriter (>= 4.3)
      System.Xml.XmlDocument (>= 4.3)
      System.Xml.XPath (>= 4.3)
GITHUB
  remote: aardvark-platform/aardvark.fake
    FULLPROJECT (9f1132fce02fa05efda9098bbd0ea0fe4ee3c5f8)
      Argu (>= 5.5 < 5.6)
      fake-cli (>= 5.19 < 5.20)
      Fake.Core.Target (>= 5.19 < 5.20)
      Fake.DotNet.MSBuild (>= 5.19 < 5.20)
      Fake.IO.FileSystem (>= 5.19 < 5.20)
      Fake.Tools.Git (>= 5.19 < 5.20)
      Mono.Cecil (>= 0.10.4 < 0.11)
      SourceLink.Fake (>= 1.1 < 1.2)
      System.IO.Compression.ZipFile (>= 4.3 < 4.4)